GEM
  remote: https://rubygems.org/
  specs:
    activesupport (5.1.4)
      concurrent-ruby (~> 1.0, >= 1.0.2)
      i18n (~> 0.7)
      minitest (~> 5.1)
      tzinfo (~> 1.1)
    concurrent-ruby (1.0.5)
    diff-lcs (1.3)
    gli (2.16.1)
    i18n (0.8.6)
    mini_portile2 (2.3.0)
    minitest (5.10.3)
    rainbow (2.2.2)
      rake
    rake (13.0.1)
    rspec-collection_matchers (1.1.3)
      rspec-expectations (>= 2.99.0.beta1)
    rspec-expectations (3.6.0)
      diff-lcs (>= 1.2.0, < 2.0)
      rspec-support (~> 3.6.0)
    rspec-mocks (3.6.0)
      diff-lcs (>= 1.2.0, < 2.0)
      rspec-support (~> 3.6.0)
    rspec-support (3.6.0)
    sequel (5.0.0)
    thread_safe (0.3.6)
    tiny_tds (2.0.0)
      mini_portile2 (~> 2.0)
    tiny_tds (2.0.0-x64-mingw32)
      mini_portile2 (~> 2.0)
    tiny_tds (2.0.0-x86-mingw32)
      mini_portile2 (~> 2.0)
    tzinfo (1.2.3)
      thread_safe (~> 0.1)

PLATFORMS
  ruby
  x64-mingw32
  x86-mingw32

DEPENDENCIES
  activesupport
  gli
  rainbow
  rspec-collection_matchers
  rspec-mocks
  sequel
  tiny_tds

BUNDLED WITH
   1.15.4
