GEM
  remote: https://rubygems.org/
  specs:
    activesupport (5.0.0.1)
      concurrent-ruby (~> 1.0, >= 1.0.2)
      i18n (~> 0.7)
      minitest (~> 5.1)
      tzinfo (~> 1.1)
    concurrent-ruby (1.0.2)
    diff-lcs (1.2.5)
    gli (2.14.0)
    i18n (0.7.0)
    mini_portile2 (2.1.0)
    minitest (5.8.5)
    rainbow (2.1.0)
    rspec-collection_matchers (1.1.2)
      rspec-expectations (>= 2.99.0.beta1)
    rspec-core (3.5.4)
      rspec-support (~> 3.5.0)
    rspec-expectations (3.5.0)
      diff-lcs (>= 1.2.0, < 2.0)
      rspec-support (~> 3.5.0)
    rspec-its (1.2.0)
      rspec-core (>= 3.0.0)
      rspec-expectations (>= 3.0.0)
    rspec-mocks (3.5.0)
      diff-lcs (>= 1.2.0, < 2.0)
      rspec-support (~> 3.5.0)
    rspec-support (3.5.0)
    sequel (4.41.0)
    thread_safe (0.3.5)
    tiny_tds (1.0.5)
      mini_portile2 (~> 2.0)
    tiny_tds (1.0.5-x64-mingw32)
      mini_portile2 (~> 2.0)
    tiny_tds (1.0.5-x86-mingw32)
      mini_portile2 (~> 2.0)
    tzinfo (1.2.2)
      thread_safe (~> 0.1)

PLATFORMS
  ruby
  x64-mingw32
  x86-mingw32

DEPENDENCIES
  activesupport
  gli (= 2.14.0)
  rainbow (= 2.1.0)
  rspec-collection_matchers
  rspec-its
  rspec-mocks
  sequel (= 4.41.0)
  tiny_tds

BUNDLED WITH
   1.13.6
