GEM
  remote: https://rubygems.org/
  specs:
    gli (2.12.1)
    rainbow (2.0.0)
    sequel (4.14.0)

PLATFORMS
  x86-mingw32

DEPENDENCIES
  gli (= 2.12.1)
  rainbow (= 2.0.0)
  sequel (= 4.14.0)
