GEM
  remote: https://rubygems.org/
  specs:
    diff-lcs (1.2.5)
    gli (2.12.2)
    rainbow (2.0.0)
    rspec-collection_matchers (1.0.0)
      rspec-expectations (>= 2.99.0.beta1)
    rspec-expectations (3.1.2)
      diff-lcs (>= 1.2.0, < 2.0)
      rspec-support (~> 3.1.0)
    rspec-support (3.1.2)
    sequel (4.16.0)

PLATFORMS
  x86-mingw32

DEPENDENCIES
  gli (= 2.12.2)
  rainbow (= 2.0.0)
  rspec-collection_matchers
  sequel (= 4.16.0)
